PATH
  remote: .
  specs:
    sls_adf (0.0.9)
      graphql-client (~> 0.12)
      typhoeus (~> 1.3)

GEM
  remote: https://rubygems.org/
  specs:
    activesupport (5.2.3)
      concurrent-ruby (~> 1.0, >= 1.0.2)
      i18n (>= 0.7, < 2)
      minitest (~> 5.1)
      tzinfo (~> 1.1)
    addressable (2.8.1)
      public_suffix (>= 2.0.2, < 6.0)
    concurrent-ruby (1.1.5)
    crack (0.4.3)
      safe_yaml (~> 1.0.0)
    diff-lcs (1.3)
    docile (1.1.5)
    dotenv (2.2.1)
    ethon (0.12.0)
      ffi (>= 1.3.0)
    ffi (1.11.1)
    graphql (1.9.6)
    graphql-client (0.14.0)
      activesupport (>= 3.0, < 6.0)
      graphql (~> 1.6)
    hashdiff (0.3.7)
    i18n (1.6.0)
      concurrent-ruby (~> 1.0)
    json (2.1.0)
    minitest (5.11.3)
    public_suffix (4.0.7)
    rake (10.5.0)
    rdoc (6.0.0)
    rspec (3.7.0)
      rspec-core (~> 3.7.0)
      rspec-expectations (~> 3.7.0)
      rspec-mocks (~> 3.7.0)
    rspec-core (3.7.0)
      rspec-support (~> 3.7.0)
    rspec-expectations (3.7.0)
      diff-lcs (>= 1.2.0, < 2.0)
      rspec-support (~> 3.7.0)
    rspec-mocks (3.7.0)
      diff-lcs (>= 1.2.0, < 2.0)
      rspec-support (~> 3.7.0)
    rspec-support (3.7.0)
    safe_yaml (1.0.4)
    simplecov (0.15.1)
      docile (~> 1.1.0)
      json (>= 1.8, < 3)
      simplecov-html (~> 0.10.0)
    simplecov-html (0.10.2)
    thread_safe (0.3.6)
    typhoeus (1.3.1)
      ethon (>= 0.9.0)
    tzinfo (1.2.5)
      thread_safe (~> 0.1)
    webmock (3.1.1)
      addressable (>= 2.3.6)
      crack (>= 0.3.2)
      hashdiff

PLATFORMS
  ruby

DEPENDENCIES
  bundler (~> 1.16)
  dotenv (~> 2.2)
  rake (~> 10.0)
  rdoc
  rspec (~> 3.0)
  simplecov
  sls_adf!
  webmock

BUNDLED WITH
   1.17.3
